GEM
  remote: https://www.rubygems.org/
  specs:
    appium_instrumenter (0.1.4)
      escape (~> 0.0.4)
      luffa
      rubyzip (~> 1.1)
    appium_lib (9.16.0)
      appium_lib_core (~> 2.0)
      nokogiri (~> 1.8, >= 1.8.1)
      tomlrb (~> 1.1)
    appium_lib_core (2.0.2)
      faye-websocket (~> 0.10.0)
      selenium-webdriver (~> 3.14)
    awesome_print (1.8.0)
    childprocess (0.9.0)
      ffi (~> 1.0, >= 1.0.11)
    coderay (1.1.2)
    escape (0.0.4)
    eventmachine (1.2.7)
    faye-websocket (0.10.7)
      eventmachine (>= 0.12.0)
      websocket-driver (>= 0.5.1)
    ffi (1.9.25)
    httparty (0.15.6)
      multi_xml (>= 0.5.2)
    json (1.8.6)
    luffa (2.0.0)
      awesome_print (~> 1.2)
      json (~> 1.8)
      retriable (>= 1.3.3.1, < 2.1)
      thor (~> 0.19)
    method_source (0.9.0)
    mini_portile2 (2.3.0)
    multi_xml (0.6.0)
    nokogiri (1.8.5)
      mini_portile2 (~> 2.3.0)
    pry (0.11.3)
      coderay (~> 1.1.0)
      method_source (~> 0.9.0)
    retriable (2.0.2)
    rubyzip (1.2.1)
    selenium-webdriver (3.14.0)
      childprocess (~> 0.5)
      rubyzip (~> 1.2)
    thor (0.20.3)
    tomlrb (1.2.7)
    websocket-driver (0.7.0)
      websocket-extensions (>= 0.1.0)
    websocket-extensions (0.1.3)

PLATFORMS
  ruby

DEPENDENCIES
  appium_instrumenter (= 0.1.4)
  appium_lib (= 9.16.0)
  httparty
  pry

BUNDLED WITH
   1.16.2
