PATH
  remote: /Users/rajdeepvarma/projects/appium_instrumenter
  specs:
    appium_instrumenter (0.1.0)
      escape (~> 0.0.4)
      luffa
      rubyzip (~> 1.1)

GEM
  remote: https://www.rubygems.org/
  specs:
    appium_lib (9.8.2)
      appium_lib_core (~> 1.2.3)
      nokogiri (~> 1.6, >= 1.6.6)
      tomlrb (~> 1.1)
    appium_lib_core (1.2.5)
      json (>= 1.8)
      selenium-webdriver (~> 3.5)
    awesome_print (1.8.0)
    childprocess (0.8.0)
      ffi (~> 1.0, >= 1.0.11)
    coderay (1.1.2)
    escape (0.0.4)
    ffi (1.9.18)
    httparty (0.15.6)
      multi_xml (>= 0.5.2)
    json (1.8.6)
    luffa (2.0.0)
      awesome_print (~> 1.2)
      json (~> 1.8)
      retriable (>= 1.3.3.1, < 2.1)
      thor (~> 0.19)
    method_source (0.9.0)
    mini_portile2 (2.3.0)
    multi_xml (0.6.0)
    nokogiri (1.8.1)
      mini_portile2 (~> 2.3.0)
    pry (0.11.3)
      coderay (~> 1.1.0)
      method_source (~> 0.9.0)
    retriable (2.0.2)
    rubyzip (1.2.1)
    selenium-webdriver (3.8.0)
      childprocess (~> 0.5)
      rubyzip (~> 1.0)
    thor (0.20.0)
    tomlrb (1.2.6)

PLATFORMS
  ruby

DEPENDENCIES
  appium_instrumenter!
  appium_lib (= 9.8.2)
  httparty
  pry

BUNDLED WITH
   1.14.6
